GEM
  remote: https://rubygems.org/
  specs:
    mapkick-rb (0.2.0)
    rack (3.1.12)
    rackup (2.2.1)
      rack (>= 3)
    roda (3.89.0)
      rack
    tilt (2.6.0)

PLATFORMS
  arm64-darwin-21
  arm64-darwin-22
  x86_64-linux

DEPENDENCIES
  mapkick-rb
  rackup (~> 2.2)
  roda (~> 3.89)
  tilt (~> 2.6)

BUNDLED WITH
   2.4.3
