GEM
  remote: https://rubygems.org/
  specs:
    mapkick-rb (0.1.1)
    rack (3.0.8)
    rackup (2.1.0)
      rack (>= 3)
      webrick (~> 1.8)
    roda (3.64.0)
      rack
    tilt (2.0.11)
    webrick (1.8.1)

PLATFORMS
  arm64-darwin-21
  arm64-darwin-22
  x86_64-linux

DEPENDENCIES
  mapkick-rb
  rackup (~> 2.1)
  roda (~> 3.64)
  tilt (~> 2.0)

BUNDLED WITH
   2.4.3
