GEM
  remote: https://rubygems.org/
  specs:
    mapkick-rb (0.1.5)
    rack (3.0.9)
    rackup (2.1.0)
      rack (>= 3)
      webrick (~> 1.8)
    roda (3.77.0)
      rack
    tilt (2.3.0)
    webrick (1.8.1)

PLATFORMS
  arm64-darwin-21
  arm64-darwin-22
  x86_64-linux

DEPENDENCIES
  mapkick-rb
  rackup (~> 2.1)
  roda (~> 3.77)
  tilt (~> 2.3)

BUNDLED WITH
   2.4.3
